PATH
  remote: .
  specs:
    jeweler (1.8.4)
      bundler (~> 1.0)
      git (>= 1.2.5)
      github_api (>= 0.8.1)
      highline (>= 1.6.15)
      rake
      rdoc

GEM
  remote: http://rubygems.org/
  specs:
    activesupport (2.3.8)
    archive-tar-minitar (0.5.2)
    bluecloth (2.0.7)
    bluecloth (2.0.7-x86-mingw32)
    builder (3.0.0)
    columnize (0.3.6)
    cucumber (1.1.4)
      builder (>= 2.1.2)
      diff-lcs (>= 1.1.2)
      gherkin (~> 2.7.1)
      json (>= 1.4.6)
      term-ansicolor (>= 1.0.6)
    diff-lcs (1.1.3)
    faraday (0.8.4)
      multipart-post (~> 1.1)
    gherkin (2.7.4)
      json (>= 1.4.6)
    gherkin (2.7.4-x86-mingw32)
      json (>= 1.4.6)
    git (1.2.5)
    github_api (0.8.1)
      faraday (~> 0.8.1)
      hashie (~> 1.2.0)
      multi_json (~> 1.3)
      nokogiri (~> 1.5.2)
      oauth2
    hashie (1.2.0)
    highline (1.6.15)
    httpauth (0.2.0)
    json (1.6.3)
    jwt (0.1.5)
      multi_json (>= 1.0)
    linecache19 (0.5.12)
      ruby_core_source (>= 0.1.4)
    mhennemeyer-output_catcher (1.0.1)
    mocha (0.9.8)
      rake
    multi_json (1.3.7)
    multipart-post (1.1.5)
    nokogiri (1.5.5)
    nokogiri (1.5.5-x86-mingw32)
    oauth2 (0.8.0)
      faraday (~> 0.8)
      httpauth (~> 0.1)
      jwt (~> 0.1.4)
      multi_json (~> 1.0)
      rack (~> 1.2)
    rack (1.4.1)
    rake (0.9.2.2)
    rcov (0.9.8)
    rdoc (3.12)
      json (~> 1.4)
    redgreen (1.2.2)
    rr (1.0.4)
    ruby-debug-base19 (0.11.25)
      columnize (>= 0.3.1)
      linecache19 (>= 0.5.11)
      ruby_core_source (>= 0.1.4)
    ruby-debug-base19x (0.11.29)
      columnize (>= 0.3.1)
      linecache19 (>= 0.5.11)
      rake (>= 0.8.1)
      ruby_core_source (>= 0.1.4)
    ruby-debug19 (0.11.6)
      columnize (>= 0.3.1)
      linecache19 (>= 0.5.11)
      ruby-debug-base19 (>= 0.11.19)
    ruby_core_source (0.1.5)
      archive-tar-minitar (>= 0.5.2)
    shoulda (2.11.3)
    term-ansicolor (1.0.7)
    test-construct (1.2.0)
    timecop (0.3.5)
    yard (0.7.4)

PLATFORMS
  ruby
  x86-mingw32

DEPENDENCIES
  activesupport (~> 2.3.5)
  bluecloth
  bundler (~> 1.0)
  cucumber (~> 1.1.4)
  git (>= 1.2.5)
  github_api (>= 0.8.1)
  highline (>= 1.6.15)
  jeweler!
  mhennemeyer-output_catcher
  mocha
  rake
  rcov
  rdoc
  redgreen
  rr (~> 1.0.4)
  ruby-debug
  ruby-debug-base19x
  ruby-debug19
  shoulda
  test-construct
  timecop
  yard (~> 0.7.4)
